NUGET
  remote: https://www.nuget.org/api/v2
    FSharp.Core (4.0.0.1) - framework: >= net461
    FSharp.Data (2.3.2) - framework: >= net45
    Npgsql (3.1.9) - framework: >= net45
    SQLProvider (1.0.41) - framework: >= net45
    Suave (2.0.2) - framework: >= net461
