NUGET
  remote: https://www.nuget.org/api/v2
    Aether (8.1.2)
    Chiron (6.2.1)
      Aether (>= 8.0.2 < 9.0)
      FParsec (>= 1.0 < 2.0)
    FAKE.Lib (4.50)
    FParsec (1.0.2)
    FSharp.Compiler.Service (9.0.1)
      System.Collections.Immutable (>= 1.2)
      System.Reflection.Metadata (>= 1.4.1-beta-24227-04)
    FSharp.Core (4.0.0.1) - framework: >= net461
    FSharp.Data (2.3.2) - framework: >= net45
    FSharp.Management (0.4.3)
    Microsoft.AspNet.Cors (5.2.3)
    Microsoft.Owin (3.0.1)
      Owin (>= 1.0)
    Microsoft.Owin.Cors (3.0.1)
      Microsoft.AspNet.Cors (>= 5.0)
      Microsoft.Owin (>= 3.0.1)
      Owin (>= 1.0)
    Microsoft.Owin.Security (3.0.1)
      Microsoft.Owin (>= 3.0.1)
      Owin (>= 1.0)
    Microsoft.Owin.Security.OAuth (3.0.1)
      Microsoft.Owin (>= 3.0.1)
      Microsoft.Owin.Security (>= 3.0.1)
      Newtonsoft.Json (>= 6.0.4)
      Owin (>= 1.0)
    Microsoft.Web.Xdt (2.1.1)
    Npgsql (3.1.9) - framework: >= net45
    NuGet.Core (2.14)
      Microsoft.Web.Xdt (>= 2.1)
    Owin (1.0)
    Owin.Security.AesDataProtectorProvider (1.1)
      Microsoft.Owin.Security (>= 3.0.1)
    SQLProvider (1.0.41) - framework: >= net45
    Suave (2.0.2) - framework: >= net461
      FSharp.Core (>= 4.0.0.1) - framework: >= net10, netstandard10, netstandard11, netstandard12, netstandard13, netstandard14, netstandard15
  remote: https://www.myget.org/F/aspnetvnext/api/v2
    Microsoft.CSharp (4.3.0) - framework: >= netstandard10
      System.Collections (>= 4.3) - framework: dnxcore50, >= netstandard13
      System.Diagnostics.Debug (>= 4.3) - framework: dnxcore50, >= netstandard13
      System.Dynamic.Runtime (>= 4.3) - framework: dnxcore50, netstandard10, >= netstandard13
      System.Globalization (>= 4.3) - framework: dnxcore50, >= netstandard13
      System.Linq (>= 4.3) - framework: dnxcore50, >= netstandard13
      System.Linq.Expressions (>= 4.3) - framework: dnxcore50, netstandard10, >= netstandard13
      System.ObjectModel (>= 4.3) - framework: dnxcore50, >= netstandard13
      System.Reflection (>= 4.3) - framework: dnxcore50, >= netstandard13
      System.Reflection.Extensions (>= 4.3) - framework: dnxcore50, >= netstandard13
      System.Reflection.Primitives (>= 4.3) - framework: dnxcore50, >= netstandard13
      System.Reflection.TypeExtensions (>= 4.3) - framework: dnxcore50, >= netstandard13
      System.Resources.ResourceManager (>= 4.3) - framework: dnxcore50, >= netstandard13
      System.Runtime (>= 4.3) - framework: dnxcore50, netstandard10, >= netstandard13
      System.Runtime.Extensions (>= 4.3) - framework: dnxcore50, >= netstandard13
      System.Runtime.InteropServices (>= 4.3) - framework: dnxcore50, >= netstandard13
      System.Threading (>= 4.3) - framework: dnxcore50, >= netstandard13
    Microsoft.NETCore.Platforms (1.2.0-beta-24913-01) - framework: >= netstandard10
    Microsoft.NETCore.Targets (1.2.0-beta-24913-01) - framework: >= netstandard10
    Newtonsoft.Json (9.0.1)
      Microsoft.CSharp (>= 4.0.1) - framework: >= netstandard10
      System.Collections (>= 4.0.11) - framework: >= netstandard10
      System.Diagnostics.Debug (>= 4.0.11) - framework: >= netstandard10
      System.Dynamic.Runtime (>= 4.0.11) - framework: >= netstandard10
      System.Globalization (>= 4.0.11) - framework: >= netstandard10
      System.IO (>= 4.1) - framework: >= netstandard10
      System.Linq (>= 4.1) - framework: >= netstandard10
      System.Linq.Expressions (>= 4.1) - framework: >= netstandard10
      System.ObjectModel (>= 4.0.12) - framework: >= netstandard10
      System.Reflection (>= 4.1) - framework: >= netstandard10
      System.Reflection.Extensions (>= 4.0.1) - framework: >= netstandard10
      System.Resources.ResourceManager (>= 4.0.1) - framework: >= netstandard10
      System.Runtime (>= 4.1) - framework: >= netstandard10
      System.Runtime.Extensions (>= 4.1) - framework: >= netstandard10
      System.Runtime.Serialization.Primitives (>= 4.1.1) - framework: >= netstandard10
      System.Text.Encoding (>= 4.0.11) - framework: >= netstandard10
      System.Text.Encoding.Extensions (>= 4.0.11) - framework: >= netstandard10
      System.Text.RegularExpressions (>= 4.1) - framework: >= netstandard10
      System.Threading (>= 4.0.11) - framework: >= netstandard10
      System.Threading.Tasks (>= 4.0.11) - framework: >= netstandard10
      System.Xml.ReaderWriter (>= 4.0.11) - framework: >= netstandard10
      System.Xml.XDocument (>= 4.0.11) - framework: >= netstandard10
    runtime.native.System (4.4.0-beta-24913-01) - framework: netstandard13, >= netstandard16
      Microsoft.NETCore.Platforms (>= 1.2.0-beta-24913-01)
      Microsoft.NETCore.Targets (>= 1.2.0-beta-24913-01)
    runtime.native.System.IO.Compression (4.4.0-beta-24913-01) - framework: netstandard13, >= netstandard16
      Microsoft.NETCore.Platforms (>= 1.2.0-beta-24913-01)
      Microsoft.NETCore.Targets (>= 1.2.0-beta-24913-01)
    System.Buffers (4.4.0-beta-24913-01) - framework: netstandard13, >= netstandard16
      System.Diagnostics.Debug (>= 4.4.0-beta-24913-01) - framework: >= netstandard11
      System.Diagnostics.Tracing (>= 4.4.0-beta-24913-01) - framework: >= netstandard11
      System.Resources.ResourceManager (>= 4.4.0-beta-24913-01) - framework: >= netstandard11
      System.Runtime (>= 4.4.0-beta-24913-01) - framework: >= netstandard11
      System.Threading (>= 4.4.0-beta-24913-01) - framework: >= netstandard11
    System.Collections (4.4.0-beta-24913-01) - framework: >= netstandard10
      Microsoft.NETCore.Platforms (>= 1.2.0-beta-24913-01) - framework: dnxcore50, netstandard10, netstandard13, >= netstandard16
      Microsoft.NETCore.Targets (>= 1.2.0-beta-24913-01) - framework: dnxcore50, netstandard10, netstandard13, >= netstandard16
      System.Runtime (>= 4.4.0-beta-24913-01) - framework: >= net463, dnxcore50, netstandard10, netstandard13, >= netstandard16
    System.Collections.Immutable (1.4.0-beta-24913-01)
      System.Collections (>= 4.4.0-beta-24913-01) - framework: >= netstandard10
      System.Diagnostics.Debug (>= 4.4.0-beta-24913-01) - framework: >= netstandard10
      System.Globalization (>= 4.4.0-beta-24913-01) - framework: >= netstandard10
      System.Linq (>= 4.4.0-beta-24913-01) - framework: >= netstandard10
      System.Resources.ResourceManager (>= 4.4.0-beta-24913-01) - framework: >= netstandard10
      System.Runtime (>= 4.4.0-beta-24913-01) - framework: >= netstandard10
      System.Runtime.Extensions (>= 4.4.0-beta-24913-01) - framework: >= netstandard10
      System.Threading (>= 4.4.0-beta-24913-01) - framework: >= netstandard10
    System.Diagnostics.Debug (4.4.0-beta-24913-01) - framework: >= netstandard10
      Microsoft.NETCore.Platforms (>= 1.2.0-beta-24913-01) - framework: dnxcore50, netstandard10, netstandard13, >= netstandard16
      Microsoft.NETCore.Targets (>= 1.2.0-beta-24913-01) - framework: dnxcore50, netstandard10, netstandard13, >= netstandard16
      System.Runtime (>= 4.4.0-beta-24913-01) - framework: >= net463, dnxcore50, netstandard10, netstandard13, >= netstandard16
    System.Diagnostics.Tools (4.3.0) - framework: >= netstandard13
      Microsoft.NETCore.Platforms (>= 1.1) - framework: dnxcore50, >= netstandard10
      Microsoft.NETCore.Targets (>= 1.1) - framework: dnxcore50, >= netstandard10
      System.Runtime (>= 4.3) - framework: dnxcore50, >= netstandard10
    System.Diagnostics.Tracing (4.4.0-beta-24913-01) - framework: netstandard13, >= netstandard16
      Microsoft.NETCore.Platforms (>= 1.2.0-beta-24913-01) - framework: dnxcore50, netstandard11, netstandard12, netstandard13, >= netstandard15
      Microsoft.NETCore.Targets (>= 1.2.0-beta-24913-01) - framework: dnxcore50, netstandard11, netstandard12, netstandard13, >= netstandard15
      System.Runtime (>= 4.4.0-beta-24913-01) - framework: >= net461, dnxcore50, netstandard11, netstandard12, netstandard13, >= netstandard15
    System.Dynamic.Runtime (4.3.0) - framework: >= netstandard10
      System.Collections (>= 4.3) - framework: dnxcore50, >= netstandard13
      System.Diagnostics.Debug (>= 4.3) - framework: dnxcore50, >= netstandard13
      System.Linq (>= 4.3) - framework: dnxcore50, >= netstandard13
      System.Linq.Expressions (>= 4.3) - framework: dnxcore50, netstandard10, >= netstandard13
      System.ObjectModel (>= 4.3) - framework: dnxcore50, netstandard10, >= netstandard13
      System.Reflection (>= 4.3) - framework: dnxcore50, netstandard10, >= netstandard13
      System.Reflection.Emit (>= 4.3) - framework: >= netstandard13
      System.Reflection.Emit.ILGeneration (>= 4.3) - framework: >= netstandard13
      System.Reflection.Primitives (>= 4.3) - framework: >= netstandard13
      System.Reflection.TypeExtensions (>= 4.3) - framework: dnxcore50, >= netstandard13
      System.Resources.ResourceManager (>= 4.3) - framework: dnxcore50, >= netstandard13
      System.Runtime (>= 4.3) - framework: dnxcore50, netstandard10, >= netstandard13
      System.Runtime.Extensions (>= 4.3) - framework: dnxcore50, >= netstandard13
      System.Threading (>= 4.3) - framework: dnxcore50, >= netstandard13
    System.Globalization (4.4.0-beta-24913-01) - framework: >= netstandard10
      Microsoft.NETCore.Platforms (>= 1.2.0-beta-24913-01) - framework: dnxcore50, netstandard10, netstandard13, >= netstandard16
      Microsoft.NETCore.Targets (>= 1.2.0-beta-24913-01) - framework: dnxcore50, netstandard10, netstandard13, >= netstandard16
      System.Runtime (>= 4.4.0-beta-24913-01) - framework: >= net463, dnxcore50, netstandard10, netstandard13, >= netstandard16
    System.IO (4.4.0-beta-24913-01) - framework: >= netstandard10
      Microsoft.NETCore.Platforms (>= 1.2.0-beta-24913-01) - framework: dnxcore50, netstandard10, netstandard13, >= netstandard15
      Microsoft.NETCore.Targets (>= 1.2.0-beta-24913-01) - framework: dnxcore50, netstandard10, netstandard13, >= netstandard15
      System.Runtime (>= 4.4.0-beta-24913-01) - framework: >= net461, dnxcore50, netstandard10, netstandard13, >= netstandard15
      System.Runtime.Extensions (>= 4.4.0-beta-24913-01) - framework: >= net461, >= netstandard16
      System.Text.Encoding (>= 4.4.0-beta-24913-01) - framework: dnxcore50, netstandard10, netstandard13, netstandard15
      System.Threading.Tasks (>= 4.4.0-beta-24913-01) - framework: dnxcore50, netstandard10, netstandard13, netstandard15
    System.IO.Compression (4.4.0-beta-24913-01) - framework: >= netstandard11
      Microsoft.NETCore.Platforms (>= 1.2.0-beta-24913-01) - framework: dnxcore50, netstandard13, >= netstandard16
      runtime.native.System (>= 4.4.0-beta-24913-01) - framework: dnxcore50, netstandard13, >= netstandard16
      runtime.native.System.IO.Compression (>= 4.4.0-beta-24913-01) - framework: dnxcore50, netstandard13, >= netstandard16
      System.Buffers (>= 4.4.0-beta-24913-01) - framework: dnxcore50, netstandard13, >= netstandard16
      System.Collections (>= 4.4.0-beta-24913-01) - framework: dnxcore50, netstandard13, >= netstandard16
      System.Diagnostics.Debug (>= 4.4.0-beta-24913-01) - framework: dnxcore50, netstandard13, >= netstandard16
      System.IO (>= 4.4.0-beta-24913-01) - framework: dnxcore50, netstandard11, netstandard13
      System.Resources.ResourceManager (>= 4.4.0-beta-24913-01) - framework: dnxcore50, netstandard13, >= netstandard16
      System.Runtime (>= 4.4.0-beta-24913-01) - framework: >= net463, dnxcore50, netstandard11, netstandard13, >= netstandard16
      System.Runtime.Extensions (>= 4.4.0-beta-24913-01) - framework: dnxcore50, netstandard13, >= netstandard16
      System.Runtime.Handles (>= 4.4.0-beta-24913-01) - framework: dnxcore50, netstandard13
      System.Runtime.InteropServices (>= 4.4.0-beta-24913-01) - framework: dnxcore50, netstandard13, >= netstandard16
      System.Text.Encoding (>= 4.4.0-beta-24913-01) - framework: dnxcore50, netstandard11, netstandard13
      System.Threading (>= 4.4.0-beta-24913-01) - framework: dnxcore50, netstandard13, >= netstandard16
      System.Threading.Tasks (>= 4.4.0-beta-24913-01) - framework: dnxcore50, netstandard13, >= netstandard16
    System.IO.FileSystem (4.3.0) - framework: >= netstandard13
      Microsoft.NETCore.Platforms (>= 1.1) - framework: >= netstandard13
      Microsoft.NETCore.Targets (>= 1.1) - framework: >= netstandard13
      System.IO (>= 4.3) - framework: >= netstandard13
      System.IO.FileSystem.Primitives (>= 4.3) - framework: >= net46, >= netstandard13
      System.Runtime (>= 4.3) - framework: >= netstandard13
      System.Runtime.Handles (>= 4.3) - framework: >= netstandard13
      System.Text.Encoding (>= 4.3) - framework: >= netstandard13
      System.Threading.Tasks (>= 4.3) - framework: >= netstandard13
    System.IO.FileSystem.Primitives (4.3.0) - framework: >= netstandard13
      System.Runtime (>= 4.3) - framework: >= netstandard13
    System.Linq (4.4.0-beta-24913-01) - framework: >= netstandard10
      System.Collections (>= 4.4.0-beta-24913-01) - framework: dnxcore50, netstandard10, >= netstandard16
      System.Diagnostics.Debug (>= 4.4.0-beta-24913-01) - framework: dnxcore50, >= netstandard16
      System.Resources.ResourceManager (>= 4.4.0-beta-24913-01) - framework: dnxcore50, >= netstandard16
      System.Runtime (>= 4.4.0-beta-24913-01) - framework: >= net461, dnxcore50, netstandard10, >= netstandard16
      System.Runtime.Extensions (>= 4.4.0-beta-24913-01) - framework: dnxcore50, >= netstandard16
    System.Linq.Expressions (4.3.0) - framework: >= netstandard10
      System.Collections (>= 4.3) - framework: dnxcore50, >= netstandard16
      System.Diagnostics.Debug (>= 4.3) - framework: dnxcore50, >= netstandard16
      System.Globalization (>= 4.3) - framework: dnxcore50, >= netstandard16
      System.IO (>= 4.3) - framework: dnxcore50, >= netstandard16
      System.Linq (>= 4.3) - framework: dnxcore50, >= netstandard16
      System.ObjectModel (>= 4.3) - framework: >= netstandard16
      System.Reflection (>= 4.3) - framework: dnxcore50, netstandard10, netstandard13, >= netstandard16
      System.Reflection.Emit (>= 4.3) - framework: >= netstandard16
      System.Reflection.Emit.ILGeneration (>= 4.3) - framework: dnxcore50, >= netstandard16
      System.Reflection.Emit.Lightweight (>= 4.3) - framework: dnxcore50, >= netstandard16
      System.Reflection.Extensions (>= 4.3) - framework: dnxcore50, >= netstandard16
      System.Reflection.Primitives (>= 4.3) - framework: dnxcore50, >= netstandard16
      System.Reflection.TypeExtensions (>= 4.3) - framework: dnxcore50, >= netstandard16
      System.Resources.ResourceManager (>= 4.3) - framework: dnxcore50, >= netstandard16
      System.Runtime (>= 4.3) - framework: dnxcore50, netstandard10, netstandard13, >= netstandard16
      System.Runtime.Extensions (>= 4.3) - framework: dnxcore50, >= netstandard16
      System.Threading (>= 4.3) - framework: dnxcore50, >= netstandard16
    System.ObjectModel (4.3.0) - framework: >= netstandard10
      System.Collections (>= 4.3) - framework: dnxcore50, >= netstandard13
      System.Diagnostics.Debug (>= 4.3) - framework: dnxcore50, >= netstandard13
      System.Resources.ResourceManager (>= 4.3) - framework: dnxcore50, >= netstandard13
      System.Runtime (>= 4.3) - framework: dnxcore50, netstandard10, >= netstandard13
      System.Threading (>= 4.3) - framework: dnxcore50, >= netstandard13
    System.Reflection (4.4.0-beta-24913-01) - framework: >= netstandard10
      Microsoft.NETCore.Platforms (>= 1.2.0-beta-24913-01) - framework: dnxcore50, netstandard10, netstandard13, >= netstandard15
      Microsoft.NETCore.Targets (>= 1.2.0-beta-24913-01) - framework: dnxcore50, netstandard10, netstandard13, >= netstandard15
      System.IO (>= 4.4.0-beta-24913-01) - framework: dnxcore50, netstandard10, netstandard13, netstandard15
      System.Reflection.Primitives (>= 4.4.0-beta-24913-01) - framework: dnxcore50, netstandard10, netstandard13, netstandard15
      System.Runtime (>= 4.4.0-beta-24913-01) - framework: >= net461, dnxcore50, netstandard10, netstandard13, >= netstandard15
    System.Reflection.Emit (4.3.0) - framework: >= netstandard13
      System.IO (>= 4.3) - framework: >= netstandard11
      System.Reflection (>= 4.3) - framework: >= netstandard11
      System.Reflection.Emit.ILGeneration (>= 4.3) - framework: >= netstandard11
      System.Reflection.Primitives (>= 4.3) - framework: >= netstandard11
      System.Runtime (>= 4.3) - framework: >= netstandard11
    System.Reflection.Emit.ILGeneration (4.3.0) - framework: >= netstandard13
      System.Reflection (>= 4.3) - framework: >= netstandard10
      System.Reflection.Primitives (>= 4.3) - framework: >= netstandard10
      System.Runtime (>= 4.3) - framework: >= netstandard10
    System.Reflection.Emit.Lightweight (4.3.0) - framework: >= netstandard16
      System.Reflection (>= 4.3) - framework: >= netstandard10
      System.Reflection.Emit.ILGeneration (>= 4.3) - framework: >= netstandard10
      System.Reflection.Primitives (>= 4.3) - framework: >= netstandard10
      System.Runtime (>= 4.3) - framework: >= netstandard10
    System.Reflection.Extensions (4.4.0-beta-24913-01) - framework: >= netstandard10
      System.Runtime (>= 4.4.0-beta-24913-01) - framework: >= net463, dnxcore50, netstandard10, >= netstandard16
    System.Reflection.Metadata (1.5.0-beta-24913-01)
      System.Collections (>= 4.4.0-beta-24913-01) - framework: >= netstandard11
      System.Collections.Immutable (>= 1.1.37) - framework: portable-net45+win8
      System.Collections.Immutable (>= 1.4.0-beta-24913-01) - framework: >= net45, >= netstandard11, monoandroid, monotouch, xamarinios, xamarinmac, winv4.5, wpav8.1
      System.Diagnostics.Debug (>= 4.4.0-beta-24913-01) - framework: >= netstandard11
      System.IO (>= 4.4.0-beta-24913-01) - framework: >= netstandard11
      System.IO.Compression (>= 4.4.0-beta-24913-01) - framework: >= netstandard11
      System.Linq (>= 4.4.0-beta-24913-01) - framework: >= netstandard11
      System.Reflection (>= 4.4.0-beta-24913-01) - framework: >= netstandard11
      System.Reflection.Extensions (>= 4.4.0-beta-24913-01) - framework: >= netstandard11
      System.Reflection.Primitives (>= 4.4.0-beta-24913-01) - framework: >= netstandard11
      System.Resources.ResourceManager (>= 4.4.0-beta-24913-01) - framework: >= netstandard11
      System.Runtime (>= 4.4.0-beta-24913-01) - framework: >= netstandard11
      System.Runtime.Extensions (>= 4.4.0-beta-24913-01) - framework: >= netstandard11
      System.Runtime.InteropServices (>= 4.4.0-beta-24913-01) - framework: >= netstandard11
      System.Text.Encoding (>= 4.4.0-beta-24913-01) - framework: >= netstandard11
      System.Text.Encoding.Extensions (>= 4.4.0-beta-24913-01) - framework: >= netstandard11
      System.Threading (>= 4.4.0-beta-24913-01) - framework: >= netstandard11
    System.Reflection.Primitives (4.4.0-beta-24913-01) - framework: >= netstandard10
      Microsoft.NETCore.Platforms (>= 1.2.0-beta-24913-01) - framework: dnxcore50, netstandard10, >= netstandard16
      Microsoft.NETCore.Targets (>= 1.2.0-beta-24913-01) - framework: dnxcore50, netstandard10, >= netstandard16
      System.Runtime (>= 4.4.0-beta-24913-01) - framework: >= net463, dnxcore50, netstandard10, >= netstandard16
    System.Reflection.TypeExtensions (4.3.0) - framework: >= netstandard13
      System.Reflection (>= 4.3) - framework: >= net462, dnxcore50, netstandard13, >= netstandard15
      System.Runtime (>= 4.3) - framework: dnxcore50, netstandard13, >= netstandard15
    System.Resources.ResourceManager (4.4.0-beta-24913-01) - framework: >= netstandard10
      Microsoft.NETCore.Platforms (>= 1.2.0-beta-24913-01) - framework: dnxcore50, netstandard10, >= netstandard16
      Microsoft.NETCore.Targets (>= 1.2.0-beta-24913-01) - framework: dnxcore50, netstandard10, >= netstandard16
      System.Globalization (>= 4.4.0-beta-24913-01) - framework: dnxcore50, netstandard10
      System.Reflection (>= 4.4.0-beta-24913-01) - framework: dnxcore50, netstandard10
      System.Runtime (>= 4.4.0-beta-24913-01) - framework: >= net463, dnxcore50, netstandard10, >= netstandard16
      System.Runtime.InteropServices (>= 4.4.0-beta-24913-01) - framework: >= net463, >= netstandard16
    System.Runtime (4.4.0-beta-24913-01) - framework: >= netstandard10
      Microsoft.NETCore.Platforms (>= 1.2.0-beta-24913-01) - framework: dnxcore50, netstandard10, netstandard12, netstandard13, >= netstandard15
      Microsoft.NETCore.Targets (>= 1.2.0-beta-24913-01) - framework: dnxcore50, netstandard10, netstandard12, netstandard13, >= netstandard15
    System.Runtime.Extensions (4.4.0-beta-24913-01) - framework: >= netstandard10
      Microsoft.NETCore.Platforms (>= 1.2.0-beta-24913-01) - framework: dnxcore50, netstandard10, netstandard13, >= netstandard15
      Microsoft.NETCore.Targets (>= 1.2.0-beta-24913-01) - framework: dnxcore50, netstandard10, netstandard13, >= netstandard15
      System.Runtime (>= 4.4.0-beta-24913-01) - framework: >= net461, dnxcore50, netstandard10, netstandard13, >= netstandard15
      System.Security.Principal (>= 4.4.0-beta-24913-01) - framework: >= net461, >= netstandard16
    System.Runtime.Handles (4.4.0-beta-24913-01) - framework: >= netstandard13
      Microsoft.NETCore.Platforms (>= 1.2.0-beta-24913-01) - framework: net46, net461, netstandard13, >= netstandard16
      Microsoft.NETCore.Targets (>= 1.2.0-beta-24913-01) - framework: net46, net461, netstandard13, >= netstandard16
      System.Runtime (>= 4.4.0-beta-24913-01) - framework: net461, >= net463, netstandard13, >= netstandard16
    System.Runtime.InteropServices (4.4.0-beta-24913-01) - framework: >= netstandard11
      Microsoft.NETCore.Platforms (>= 1.2.0-beta-24913-01) - framework: dnxcore50, netstandard11, netstandard12, netstandard13, >= netstandard15
      Microsoft.NETCore.Targets (>= 1.2.0-beta-24913-01) - framework: dnxcore50, netstandard11, netstandard12, netstandard13, >= netstandard15
      System.Reflection (>= 4.4.0-beta-24913-01) - framework: dnxcore50, netstandard11, netstandard12, netstandard13, netstandard15
      System.Reflection.Primitives (>= 4.4.0-beta-24913-01) - framework: dnxcore50, netstandard11, netstandard12, netstandard13, netstandard15
      System.Runtime (>= 4.4.0-beta-24913-01) - framework: >= net461, dnxcore50, netstandard11, netstandard12, netstandard13, >= netstandard15
      System.Runtime.Handles (>= 4.4.0-beta-24913-01) - framework: dnxcore50, netstandard13, netstandard15
    System.Runtime.Serialization.Primitives (4.3.0) - framework: >= netstandard10
      System.Resources.ResourceManager (>= 4.3) - framework: dnxcore50, >= netstandard13
      System.Runtime (>= 4.3) - framework: dnxcore50, netstandard10, >= netstandard13
    System.Security.Principal (4.4.0-beta-24913-01) - framework: >= netstandard16
      System.Runtime (>= 4.4.0-beta-24913-01) - framework: >= net463, dnxcore50, netstandard10, >= netstandard16
    System.Text.Encoding (4.4.0-beta-24913-01) - framework: >= netstandard10
      Microsoft.NETCore.Platforms (>= 1.2.0-beta-24913-01) - framework: dnxcore50, netstandard10, netstandard13, >= netstandard16
      Microsoft.NETCore.Targets (>= 1.2.0-beta-24913-01) - framework: dnxcore50, netstandard10, netstandard13, >= netstandard16
      System.Runtime (>= 4.4.0-beta-24913-01) - framework: >= net463, dnxcore50, netstandard10, netstandard13, >= netstandard16
    System.Text.Encoding.Extensions (4.4.0-beta-24913-01) - framework: >= netstandard10
      Microsoft.NETCore.Platforms (>= 1.2.0-beta-24913-01) - framework: dnxcore50, netstandard10, netstandard13, >= netstandard16
      Microsoft.NETCore.Targets (>= 1.2.0-beta-24913-01) - framework: dnxcore50, netstandard10, netstandard13, >= netstandard16
      System.Runtime (>= 4.4.0-beta-24913-01) - framework: >= net463, dnxcore50, netstandard10, netstandard13, >= netstandard16
      System.Text.Encoding (>= 4.4.0-beta-24913-01) - framework: dnxcore50, netstandard10, netstandard13, >= netstandard16
    System.Text.RegularExpressions (4.3.0) - framework: >= netstandard10
      System.Collections (>= 4.3) - framework: dnxcore50, >= netstandard16
      System.Globalization (>= 4.3) - framework: dnxcore50, >= netstandard16
      System.Resources.ResourceManager (>= 4.3) - framework: dnxcore50, >= netstandard16
      System.Runtime (>= 4.3) - framework: dnxcore50, netstandard10, netstandard13, >= netstandard16
      System.Runtime.Extensions (>= 4.3) - framework: dnxcore50, >= netstandard16
      System.Threading (>= 4.3) - framework: dnxcore50, >= netstandard16
    System.Threading (4.4.0-beta-24913-01) - framework: >= netstandard10
      System.Runtime (>= 4.4.0-beta-24913-01) - framework: >= net463, dnxcore50, netstandard10, netstandard13, >= netstandard16
      System.Threading.Tasks (>= 4.4.0-beta-24913-01) - framework: dnxcore50, netstandard10, netstandard13
    System.Threading.Tasks (4.4.0-beta-24913-01) - framework: >= netstandard10
      Microsoft.NETCore.Platforms (>= 1.2.0-beta-24913-01) - framework: dnxcore50, netstandard10, netstandard13, >= netstandard16
      Microsoft.NETCore.Targets (>= 1.2.0-beta-24913-01) - framework: dnxcore50, netstandard10, netstandard13, >= netstandard16
      System.Runtime (>= 4.4.0-beta-24913-01) - framework: >= net463, dnxcore50, netstandard10, netstandard13, >= netstandard16
    System.Threading.Tasks.Extensions (4.3.0) - framework: >= netstandard13
      System.Collections (>= 4.3) - framework: >= netstandard10
      System.Runtime (>= 4.3) - framework: >= netstandard10
      System.Threading.Tasks (>= 4.3) - framework: >= netstandard10
    System.Xml.ReaderWriter (4.3.0) - framework: >= netstandard10
      System.Collections (>= 4.3) - framework: dnxcore50, >= netstandard13
      System.Diagnostics.Debug (>= 4.3) - framework: dnxcore50, >= netstandard13
      System.Globalization (>= 4.3) - framework: dnxcore50, >= netstandard13
      System.IO (>= 4.3) - framework: dnxcore50, netstandard10, >= netstandard13
      System.IO.FileSystem (>= 4.3) - framework: dnxcore50, >= netstandard13
      System.IO.FileSystem.Primitives (>= 4.3) - framework: dnxcore50, >= netstandard13
      System.Resources.ResourceManager (>= 4.3) - framework: dnxcore50, >= netstandard13
      System.Runtime (>= 4.3) - framework: dnxcore50, netstandard10, >= netstandard13
      System.Runtime.Extensions (>= 4.3) - framework: dnxcore50, >= netstandard13
      System.Runtime.InteropServices (>= 4.3) - framework: dnxcore50, >= netstandard13
      System.Text.Encoding (>= 4.3) - framework: dnxcore50, netstandard10, >= netstandard13
      System.Text.Encoding.Extensions (>= 4.3) - framework: dnxcore50, >= netstandard13
      System.Text.RegularExpressions (>= 4.3) - framework: dnxcore50, >= netstandard13
      System.Threading.Tasks (>= 4.3) - framework: dnxcore50, netstandard10, >= netstandard13
      System.Threading.Tasks.Extensions (>= 4.3) - framework: dnxcore50, >= netstandard13
    System.Xml.XDocument (4.3.0) - framework: >= netstandard10
      System.Collections (>= 4.3) - framework: dnxcore50, >= netstandard13
      System.Diagnostics.Debug (>= 4.3) - framework: dnxcore50, >= netstandard13
      System.Diagnostics.Tools (>= 4.3) - framework: dnxcore50, >= netstandard13
      System.Globalization (>= 4.3) - framework: dnxcore50, >= netstandard13
      System.IO (>= 4.3) - framework: dnxcore50, netstandard10, >= netstandard13
      System.Reflection (>= 4.3) - framework: dnxcore50, >= netstandard13
      System.Resources.ResourceManager (>= 4.3) - framework: dnxcore50, >= netstandard13
      System.Runtime (>= 4.3) - framework: dnxcore50, netstandard10, >= netstandard13
      System.Runtime.Extensions (>= 4.3) - framework: dnxcore50, >= netstandard13
      System.Text.Encoding (>= 4.3) - framework: dnxcore50, >= netstandard13
      System.Threading (>= 4.3) - framework: dnxcore50, >= netstandard13
      System.Xml.ReaderWriter (>= 4.3) - framework: dnxcore50, netstandard10, >= netstandard13
