NUGET
  remote: https://www.nuget.org/api/v2
    Aether (8.1.2)
    Chiron (6.2.1)
      Aether (>= 8.0.2 < 9.0)
      FParsec (>= 1.0 < 2.0)
    FParsec (1.0.2)
    FSharp.Core (4.0.0.1) - framework: >= net461
    FSharp.Data (2.3.2) - framework: >= net45
    Npgsql (3.1.9) - framework: >= net45
    SQLProvider (1.0.41) - framework: >= net45
    Suave (2.0.2) - framework: >= net461
