NUGET
  remote: https://www.nuget.org/api/v2
    FSharp.Core (4.0.0.1) - framework: >= net45
    Microsoft.Owin (3.0) - framework: >= net461
      Owin (>= 1.0)
    Microsoft.Owin.Security (3.0) - framework: >= net461
      Microsoft.Owin (>= 3.0)
      Owin (>= 1.0)
    Microsoft.Owin.Security.OAuth (3.0) - framework: >= net461
      Microsoft.Owin (>= 3.0)
      Microsoft.Owin.Security (>= 3.0)
      Newtonsoft.Json (>= 6.0.4)
      Owin (>= 1.0)
    Newtonsoft.Json (6.0.4) - framework: >= net45
    Owin (1.0) - framework: >= net461
    Suave (2.0.2) - framework: >= net45
